GEM
  specs:
    will_paginate (2.3.15)

PLATFORMS
  ruby

DEPENDENCIES
  will_paginate
